PATH
  remote: .
  specs:
    rate_limiter (0.0.9)

GEM
  remote: https://rubygems.org/
  specs:
    diff-lcs (1.2.5)
    rack (1.5.2)
    rack-test (0.6.2)
      rack (>= 1.0)
    rake (10.3.2)
    rspec (3.1.0)
      rspec-core (~> 3.1.0)
      rspec-expectations (~> 3.1.0)
      rspec-mocks (~> 3.1.0)
    rspec-core (3.1.5)
      rspec-support (~> 3.1.0)
    rspec-expectations (3.1.2)
      diff-lcs (>= 1.2.0, < 2.0)
      rspec-support (~> 3.1.0)
    rspec-mocks (3.1.2)
      rspec-support (~> 3.1.0)
    rspec-support (3.1.1)

PLATFORMS
  ruby

DEPENDENCIES
  bundler (~> 1.6)
  rack-test
  rake (~> 10.0)
  rate_limiter!
  rspec
